GEM
  remote: http://rubygems.org/
  specs:
    mustermann (1.1.1)
      ruby2_keywords (~> 0.0.1)
    rack (2.2.3)
    rack-protection (2.0.0)
      rack
    rake (13.0.1)
    ruby2_keywords (0.0.2)
    shotgun (0.8)
      rack (>= 1.0)
    sinatra (2.0.0)
      mustermann (~> 1.0)
      rack (~> 2.0)
      rack-protection (= 2.0.0)
      tilt (~> 2.0)
    tilt (2.0.10)

PLATFORMS
  ruby

DEPENDENCIES
  rake
  shotgun (= 0.8)
  sinatra (= 2.0)

BUNDLED WITH
   2.1.4
